GEM
  remote: https://rubygems.org/
  specs:
    mqtt (0.6.0)

PLATFORMS
  x64-mingw-ucrt

DEPENDENCIES
  mqtt (~> 0.6.0)

BUNDLED WITH
   2.5.23
